GEM
  remote: https://rubygems.org/
  specs:
    concurrent-ruby (1.2.2)
    faker (3.2.1)
      i18n (>= 1.8.11, < 2)
    i18n (1.14.1)
      concurrent-ruby (~> 1.0)
    sentry-ruby (5.12.0)
      concurrent-ruby (~> 1.0, >= 1.0.2)

PLATFORMS
  x86_64-linux

DEPENDENCIES
  faker (~> 3.2)
  sentry-ruby (~> 5.12)

BUNDLED WITH
   2.4.21
